GEM
  remote: https://rubygems.org/
  specs:
    activesupport (5.2.4.3)
      concurrent-ruby (~> 1.0, >= 1.0.2)
      i18n (>= 0.7, < 2)
      minitest (~> 5.1)
      tzinfo (~> 1.1)
    addressable (2.7.0)
      public_suffix (>= 2.0.2, < 5.0)
    ast (2.4.0)
    celluloid (0.16.0)
      timers (~> 4.0.0)
    colorator (1.1.0)
    colorize (0.8.1)
    concurrent-ruby (1.1.6)
    ethon (0.12.0)
      ffi (>= 1.3.0)
    faraday (1.0.1)
      multipart-post (>= 1.2, < 3)
    fastimage (2.1.7)
    ffi (1.13.0)
    ffi (1.13.0-java)
    ffi (1.13.0-x64-mingw32)
    ffi (1.13.0-x86-mingw32)
    fontcustom (1.3.8)
      json (~> 1.4)
      listen (>= 1.0, < 3.0)
      thor (~> 0.14)
    forwardable-extended (2.6.0)
    hitimes (2.0.0)
    html-proofer (3.7.5)
      activesupport (>= 4.2, < 6.0)
      addressable (~> 2.3)
      colorize (~> 0.8)
      mercenary (~> 0.3.2)
      nokogiri (~> 1.7)
      parallel (~> 1.3)
      typhoeus (~> 0.7)
      yell (~> 2.0)
    i18n (1.8.2)
      concurrent-ruby (~> 1.0)
    jaro_winkler (1.5.4)
    jaro_winkler (1.5.4-java)
    jekyll (3.6.3)
      addressable (~> 2.4)
      colorator (~> 1.0)
      jekyll-sass-converter (~> 1.0)
      jekyll-watch (~> 1.1)
      kramdown (~> 1.14)
      liquid (~> 4.0)
      mercenary (~> 0.3.3)
      pathutil (~> 0.9)
      rouge (>= 1.7, < 3)
      safe_yaml (~> 1.0)
    jekyll-bits (0.15)
      fastimage
    jekyll-feed (0.11.0)
      jekyll (~> 3.3)
    jekyll-gist (1.5.0)
      octokit (~> 4.2)
    jekyll-paginate (1.1.0)
    jekyll-redirect-from (0.16.0)
      jekyll (>= 3.3, < 5.0)
    jekyll-sass (1.1.0)
      jekyll (>= 0.10.0)
      sass (>= 3.0.0)
    jekyll-sass-converter (1.5.2)
      sass (~> 3.4)
    jekyll-seo-tag (2.6.1)
      jekyll (>= 3.3, < 5.0)
    jekyll-sitemap (1.2.0)
      jekyll (~> 3.3)
    jekyll-typogrify (0.3.5)
      titlecase
      typogruby
    jekyll-watch (1.2.1)
      listen (~> 2.7)
    jgd (1.12)
      jekyll (>= 1.5.1)
      trollop (= 2.9.9)
    json (1.8.6)
    json (1.8.6-java)
    kramdown (1.17.0)
    liquid (4.0.3)
    listen (2.10.1)
      celluloid (~> 0.16.0)
      rb-fsevent (>= 0.9.3)
      rb-inotify (>= 0.9)
    mail (2.7.1)
      mini_mime (>= 0.1.1)
    mercenary (0.3.6)
    mini_mime (1.0.2)
    mini_portile2 (2.4.0)
    minitest (5.14.1)
    multi_json (1.14.1)
    multipart-post (2.1.1)
    nokogiri (1.10.8)
      mini_portile2 (~> 2.4.0)
    nokogiri (1.10.8-java)
    nokogiri (1.10.8-x64-mingw32)
      mini_portile2 (~> 2.4.0)
    nokogiri (1.10.8-x86-mingw32)
      mini_portile2 (~> 2.4.0)
    nuggets (1.6.0)
    octokit (4.18.0)
      faraday (>= 0.9)
      sawyer (~> 0.8.0, >= 0.5.3)
    parallel (1.19.1)
    parser (2.7.1.3)
      ast (~> 2.4.0)
    pathutil (0.16.2)
      forwardable-extended (~> 2.6)
    powerpack (0.1.2)
    public_suffix (4.0.4)
    pygments.rb (1.2.1)
      multi_json (>= 1.0.0)
    rainbow (3.0.0)
    rake (13.0.1)
    rb-fsevent (0.10.4)
    rb-inotify (0.10.1)
      ffi (~> 1.0)
    redcarpet (3.4.0)
    rouge (2.2.1)
    rubocop (0.62.0)
      jaro_winkler (~> 1.5.1)
      parallel (~> 1.10)
      parser (>= 2.5, != 2.5.1.1)
      powerpack (~> 0.1)
      rainbow (>= 2.2.2, < 4.0)
      ruby-progressbar (~> 1.7)
      unicode-display_width (~> 1.4.0)
    rubocop-rspec (1.35.0)
      rubocop (>= 0.60.0)
    ruby-progressbar (1.10.1)
    rubypants (0.7.1)
    safe_yaml (1.0.5)
    sass (3.7.4)
      sass-listen (~> 4.0.0)
    sass-listen (4.0.0)
      rb-fsevent (~> 0.9, >= 0.9.4)
      rb-inotify (~> 0.9, >= 0.9.7)
    sawyer (0.8.2)
      addressable (>= 2.3.5)
      faraday (> 0.8, < 2.0)
    scss_lint (0.59.0)
      sass (~> 3.5, >= 3.5.5)
    thor (0.20.3)
    thread_safe (0.3.6)
    thread_safe (0.3.6-java)
    timers (4.0.4)
      hitimes
    titlecase (0.1.1)
    trollop (2.9.9)
    typhoeus (0.8.0)
      ethon (>= 0.8.0)
    typogruby (1.0.18)
      rubypants
    tzinfo (1.2.7)
      thread_safe (~> 0.1)
    tzinfo-data (1.2020.1)
      tzinfo (>= 1.0.0)
    unicode-display_width (1.4.1)
    uuidtools (2.1.5)
    w3c_validators (1.3.5)
      json (>= 1.8)
      nokogiri (~> 1.6)
    yell (2.2.2)

PLATFORMS
  java
  ruby
  x64-mingw32
  x86-mingw32
  x86-mswin32

DEPENDENCIES
  fastimage (= 2.1.7)
  fontcustom (= 1.3.8)
  html-proofer (= 3.7.5)
  jekyll (= 3.6.3)
  jekyll-bits
  jekyll-feed (~> 0.9)
  jekyll-gist
  jekyll-paginate
  jekyll-redirect-from
  jekyll-sass
  jekyll-sass-converter
  jekyll-seo-tag (~> 2.1)
  jekyll-sitemap
  jekyll-typogrify
  jgd
  json (= 1.8.6)
  liquid (= 4.0.3)
  mail (= 2.7.1)
  nokogiri (= 1.10.8)
  nuggets (= 1.6.0)
  pygments.rb (= 1.2.1)
  rainbow (= 3.0.0)
  rake (>= 12.3.3)
  redcarpet (= 3.4.0)
  rubocop (= 0.62.0)
  rubocop-rspec (= 1.35.0)
  sass (= 3.7.4)
  scss_lint (= 0.59.0)
  trollop (= 2.9.9)
  tzinfo-data
  uuidtools (= 2.1.5)
  w3c_validators (= 1.3.5)

BUNDLED WITH
   1.17.2
